PATH
  remote: .
  specs:
    canonix (0.1.7)
      canonix

GEM
  remote: https://rubygems.org/
  specs:
    git (1.2.5)
    jeweler (1.8.4)
      bundler (~> 1.0)
      git (>= 1.2.5)
      rake
      rdoc
    json (1.8.0)
    rake (10.0.4)
    rdoc (4.0.1)
      json (~> 1.4)
    thoughtbot-shoulda (2.11.1)

PLATFORMS
  ruby

DEPENDENCIES
  canonix!
  jeweler
  rake
  rdoc
  thoughtbot-shoulda
